GEM
  remote: https://rubygems.org/
  specs:
    mustermann (1.0.3)
    nio4r (2.5.2)
    power_assert (1.1.5)
    puma (4.2.1)
      nio4r (~> 2.0)
    rack (2.0.7)
    rack-protection (2.0.7)
      rack
    rack-test (1.1.0)
      rack (>= 1.0, < 3)
    rake (13.0.0)
    sinatra (2.0.7)
      mustermann (~> 1.0)
      rack (~> 2.0)
      rack-protection (= 2.0.7)
      tilt (~> 2.0)
    test-unit (3.3.4)
      power_assert
    tilt (2.0.10)

PLATFORMS
  ruby

DEPENDENCIES
  puma
  rack-test
  rake
  sinatra
  test-unit

BUNDLED WITH
   1.17.2
