GEM
  remote: https://rubygems.org/
  specs:
    base64 (0.2.0)
    mustermann (3.0.1)
      ruby2_keywords (~> 0.0.1)
    nio4r (2.7.3)
    power_assert (2.0.3)
    puma (6.4.2)
      nio4r (~> 2.0)
    rack (3.1.7)
    rack-protection (4.0.0)
      base64 (>= 0.1.0)
      rack (>= 3.0.0, < 4)
    rack-session (2.0.0)
      rack (>= 3.0.0)
    rack-test (2.1.0)
      rack (>= 1.3)
    rake (13.2.1)
    ruby2_keywords (0.0.5)
    sinatra (4.0.0)
      mustermann (~> 3.0)
      rack (>= 3.0.0, < 4)
      rack-protection (= 4.0.0)
      rack-session (>= 2.0.0, < 3)
      tilt (~> 2.0)
    test-unit (3.6.2)
      power_assert
    tilt (2.4.0)

PLATFORMS
  x86_64-linux

DEPENDENCIES
  puma
  rack-test
  rake
  sinatra
  test-unit

BUNDLED WITH
   2.5.11
